PATH
  remote: .
  specs:
    lz77-konami (0.1.0)

GEM
  remote: https://rubygems.org/
  specs:
    rake (10.5.0)
    rake-compiler (1.0.5)
      rake

PLATFORMS
  ruby

DEPENDENCIES
  bundler (~> 1.16)
  lz77-konami!
  rake (~> 10.0)
  rake-compiler

BUNDLED WITH
   1.16.2
